GIT
  remote: https://github.com/spree/spree_auth_devise.git
  revision: 77e167f209d08a7da65b9e98b3cc1df269e0b084
  branch: 2-3-stable
  specs:
    spree_auth_devise (2.2.0)
      cancan (~> 1.6.10)
      devise (~> 3.2.3)
      devise-encryptable (= 0.1.2)
      json
      multi_json
      spree_core (~> 2.3.0)

GIT
  remote: https://github.com/spree/spree_gateway.git
  revision: 63df5cfc6c5768bf8ef0ebd71f0db0febaf5bf18
  branch: 2-3-stable
  specs:
    spree_gateway (2.3.0.beta)
      spree_core (~> 2.3.0)

GIT
  remote: git://github.com/DynamoMTL/sprangular.git
  revision: 904d388e3ef6dfe953d5c48dde2ab37d5530c84f
  specs:
    sprangular (0.0.1)
      angularjs-rails
      coffee-rails
      font-awesome-rails (~> 4.2)
      geocoder
      jquery-rails
      rack-rewrite
      rails (~> 4.1.4)
      rails-assets-angular-bootstrap
      rails-assets-angular-motion
      rails-assets-angular-strap
      rails-assets-angularytics
      rails-assets-bootstrap-additions
      rails-assets-bootstrap-sass-official
      rails-assets-jasmine-sinon
      rails-assets-ngInfiniteScroll
      rails-assets-sinon
      rails-assets-underscore
      rails-assets-underscore.string
      sass-rails
      slim-rails
      spree_api (~> 2.3.4)
      spree_core (~> 2.3.4)

GEM
  remote: https://rubygems.org/
  remote: https://rails-assets.org/
  specs:
    actionmailer (4.1.6)
      actionpack (= 4.1.6)
      actionview (= 4.1.6)
      mail (~> 2.5, >= 2.5.4)
    actionpack (4.1.6)
      actionview (= 4.1.6)
      activesupport (= 4.1.6)
      rack (~> 1.5.2)
      rack-test (~> 0.6.2)
    actionview (4.1.6)
      activesupport (= 4.1.6)
      builder (~> 3.1)
      erubis (~> 2.7.0)
    active_utils (2.2.3)
      activesupport (>= 2.3.11)
      i18n
    activemerchant (1.44.1)
      active_utils (~> 2.2.0)
      activesupport (>= 3.2.14, < 5.0.0)
      builder (>= 2.1.2, < 4.0.0)
      i18n (>= 0.6.9)
      json (~> 1.7)
      nokogiri (~> 1.4)
      offsite_payments (~> 2.0.0)
    activemodel (4.1.6)
      activesupport (= 4.1.6)
      builder (~> 3.1)
    activerecord (4.1.6)
      activemodel (= 4.1.6)
      activesupport (= 4.1.6)
      arel (~> 5.0.0)
    activesupport (4.1.6)
      i18n (~> 0.6, >= 0.6.9)
      json (~> 1.7, >= 1.7.7)
      minitest (~> 5.1)
      thread_safe (~> 0.1)
      tzinfo (~> 1.1)
    acts_as_list (0.3.0)
      activerecord (>= 3.0)
    angularjs-rails (1.3.0)
    arel (5.0.1.20140414130214)
    awesome_nested_set (3.0.1)
      activerecord (>= 4.0.0, < 5)
    aws-sdk (1.27.0)
      json (~> 1.4)
      nokogiri (>= 1.4.4)
      uuidtools (~> 2.1)
    bcrypt (3.1.9)
    builder (3.2.2)
    cancan (1.6.10)
    cancancan (1.9.2)
    climate_control (0.0.3)
      activesupport (>= 3.0)
    cocaine (0.5.4)
      climate_control (>= 0.0.3, < 1.0)
    coffee-rails (4.0.1)
      coffee-script (>= 2.2.0)
      railties (>= 4.0.0, < 5.0)
    coffee-script (2.3.0)
      coffee-script-source
      execjs
    coffee-script-source (1.8.0)
    colorize (0.7.3)
    deface (1.0.1)
      colorize (>= 0.5.8)
      nokogiri (~> 1.6.0)
      polyglot
      rails (>= 3.1)
    devise (3.2.4)
      bcrypt (~> 3.0)
      orm_adapter (~> 0.1)
      railties (>= 3.2.6, < 5)
      thread_safe (~> 0.1)
      warden (~> 1.2.3)
    devise-encryptable (0.1.2)
      devise (>= 2.1.0)
    erubis (2.7.0)
    execjs (2.2.2)
    ffaker (1.25.0)
    font-awesome-rails (4.2.0.0)
      railties (>= 3.2, < 5.0)
    friendly_id (5.0.4)
      activerecord (>= 4.0.0)
    geocoder (1.2.5)
    highline (1.6.21)
    hike (1.2.3)
    httparty (0.13.1)
      json (~> 1.8)
      multi_xml (>= 0.5.2)
    i18n (0.6.11)
    jquery-rails (3.1.2)
      railties (>= 3.0, < 5.0)
      thor (>= 0.14, < 2.0)
    jquery-ui-rails (4.1.2)
      railties (>= 3.1.0)
    json (1.8.1)
    kaminari (0.16.1)
      actionpack (>= 3.0.0)
      activesupport (>= 3.0.0)
    mail (2.6.1)
      mime-types (>= 1.16, < 3)
    mime-types (2.4.3)
    mini_portile (0.6.0)
    minitest (5.4.2)
    monetize (0.4.1)
      money (~> 6.2.1)
    money (6.2.1)
      i18n (>= 0.6.4, <= 0.7.0.dev)
    multi_json (1.10.1)
    multi_xml (0.5.5)
    nokogiri (1.6.3.1)
      mini_portile (= 0.6.0)
    offsite_payments (2.0.1)
      active_utils (~> 2.2.0)
      activesupport (>= 3.2.14, < 5.0.0)
      builder (>= 2.1.2, < 4.0.0)
      i18n (~> 0.5)
      json (~> 1.7)
      money (< 7.0.0)
      nokogiri (~> 1.4)
    orm_adapter (0.5.0)
    paperclip (4.2.0)
      activemodel (>= 3.0.0)
      activesupport (>= 3.0.0)
      cocaine (~> 0.5.3)
      mime-types
    paranoia (2.0.2)
      activerecord (~> 4.0)
    pg (0.17.1)
    polyamorous (1.1.0)
      activerecord (>= 3.0)
    polyglot (0.3.5)
    rabl (0.9.4.pre1)
      activesupport (>= 2.3.14)
    rack (1.5.2)
    rack-rewrite (1.5.0)
    rack-test (0.6.2)
      rack (>= 1.0)
    rails (4.1.6)
      actionmailer (= 4.1.6)
      actionpack (= 4.1.6)
      actionview (= 4.1.6)
      activemodel (= 4.1.6)
      activerecord (= 4.1.6)
      activesupport (= 4.1.6)
      bundler (>= 1.3.0, < 2.0)
      railties (= 4.1.6)
      sprockets-rails (~> 2.0)
    rails-assets-angular (1.3.0)
    rails-assets-angular-animate (1.3.0)
      rails-assets-angular (= 1.3.0)
    rails-assets-angular-bootstrap (0.11.2)
      rails-assets-angular (>= 1)
    rails-assets-angular-motion (0.3.4)
      rails-assets-angular (>= 1.2, < 2)
      rails-assets-angular-animate (>= 1.2, < 2)
    rails-assets-angular-strap (2.1.2)
      rails-assets-angular (>= 1.2.21, < 2)
      rails-assets-angular-motion (>= 0.3.3, < 0.4)
      rails-assets-bootstrap (>= 3.2.0, < 4)
    rails-assets-angularytics (0.3.0)
      rails-assets-angular
    rails-assets-bootstrap (3.3.0)
      rails-assets-jquery (>= 1.9.1)
    rails-assets-bootstrap-additions (0.2.3)
    rails-assets-bootstrap-sass-official (3.2.0.2)
      rails-assets-jquery (>= 1.9.0)
    rails-assets-jasmine (2.0.4)
    rails-assets-jasmine-sinon (0.4.0)
      rails-assets-jasmine (~> 2.0.0)
      rails-assets-sinonjs (>= 1.7.1)
    rails-assets-jquery (2.1.1)
    rails-assets-ngInfiniteScroll (1.1.2)
      rails-assets-angular (>= 1.1.3)
    rails-assets-sinon (1.11.1)
    rails-assets-sinonjs (1.10.2)
    rails-assets-underscore (1.7.0)
    rails-assets-underscore.string (2.3.3)
    rails_12factor (0.0.2)
      rails_serve_static_assets
      rails_stdout_logging
    rails_serve_static_assets (0.0.2)
    rails_stdout_logging (0.0.3)
    railties (4.1.6)
      actionpack (= 4.1.6)
      activesupport (= 4.1.6)
      rake (>= 0.8.7)
      thor (>= 0.18.1, < 2.0)
    rake (10.3.2)
    ransack (1.4.1)
      actionpack (>= 3.0)
      activerecord (>= 3.0)
      activesupport (>= 3.0)
      i18n
      polyamorous (~> 1.1)
    sass (3.2.19)
    sass-rails (4.0.4)
      railties (>= 4.0.0, < 5.0)
      sass (~> 3.2.2)
      sprockets (~> 2.8, < 2.12)
      sprockets-rails (~> 2.0)
    select2-rails (3.5.9.1)
      thor (~> 0.14)
    slim (2.1.0)
      temple (~> 0.6.9)
      tilt (>= 1.3.3, < 2.1)
    slim-rails (2.1.5)
      actionpack (>= 3.0, < 4.2)
      activesupport (>= 3.0, < 4.2)
      railties (>= 3.0, < 4.2)
      slim (~> 2.0)
    spree_api (2.3.4)
      rabl (~> 0.9.4.pre1)
      spree_core (= 2.3.4)
      versioncake (~> 2.3.1)
    spree_backend (2.3.4)
      jquery-rails (~> 3.1.2)
      jquery-ui-rails (~> 4.1.0)
      select2-rails (~> 3.5.0)
      spree_api (= 2.3.4)
      spree_core (= 2.3.4)
    spree_core (2.3.4)
      activemerchant (~> 1.44.1)
      acts_as_list (= 0.3.0)
      awesome_nested_set (~> 3.0.0.rc.3)
      aws-sdk (= 1.27.0)
      cancancan (~> 1.9.2)
      deface (~> 1.0.0)
      ffaker (~> 1.16)
      font-awesome-rails (~> 4.0)
      friendly_id (~> 5.0.4)
      highline (~> 1.6.18)
      httparty (~> 0.11)
      json (~> 1.7)
      kaminari (~> 0.16.1)
      monetize
      paperclip (~> 4.2.0)
      paranoia (~> 2.0)
      rails (~> 4.1.6)
      ransack (~> 1.4.1)
      state_machine (= 1.2.0)
      stringex (~> 1.5.1)
      truncate_html (= 0.9.2)
    spree_sample (2.3.4)
      spree_core (= 2.3.4)
    spring (1.1.3)
    sprockets (2.11.0)
      hike (~> 1.2)
      multi_json (~> 1.0)
      rack (~> 1.0)
      tilt (~> 1.1, != 1.3.0)
    sprockets-rails (2.2.0)
      actionpack (>= 3.0)
      activesupport (>= 3.0)
      sprockets (>= 2.8, < 4.0)
    sqlite3 (1.3.9)
    state_machine (1.2.0)
    stringex (1.5.1)
    temple (0.6.10)
    thor (0.19.1)
    thread_safe (0.3.4)
    tilt (1.4.1)
    truncate_html (0.9.2)
    tzinfo (1.2.2)
      thread_safe (~> 0.1)
    uuidtools (2.1.5)
    versioncake (2.3.1)
      actionpack (>= 3.2)
      activesupport (>= 3.2)
      railties (>= 3.2)
      tzinfo
    warden (1.2.3)
      rack (>= 1.0)

PLATFORMS
  ruby

DEPENDENCIES
  coffee-rails (~> 4.0.0)
  pg
  rails (= 4.1.6)
  rails_12factor
  sass-rails (~> 4.0.3)
  sprangular!
  spree_api (~> 2.3.4)
  spree_auth_devise!
  spree_backend (~> 2.3.4)
  spree_core (~> 2.3.4)
  spree_gateway!
  spree_sample (~> 2.3.4)
  spring
  sqlite3
